GIT
  remote: https://github.com/rmoriz/digital_ocean.git
  revision: 782639d19f7b3071809dd019075bfb2184baa644
  specs:
    digital_ocean (1.2.0)
      faraday (~> 0.8.7)
      faraday_middleware (~> 0.9.0)
      json
      rash

PATH
  remote: .
  specs:
    binary_solo (0.0.3)
      active_support (>= 3.0)
      awesome_print (~> 1.2)
      colorize (~> 0.6.0)
      domainatrix (~> 0.0.11)
      highline (~> 1.6.19)
      thor (~> 0.18.1)
      trollop (~> 2.0.0)
      whois (~> 3.3.1)

GEM
  remote: https://rubygems.org/
  specs:
    active_support (3.0.0)
      activesupport (= 3.0.0)
    activesupport (3.0.0)
    addressable (2.3.5)
    awesome_print (1.2.0)
    colorize (0.6.0)
    diff-lcs (1.2.4)
    domainatrix (0.0.11)
      addressable
    faraday (0.8.8)
      multipart-post (~> 1.2.0)
    faraday_middleware (0.9.0)
      faraday (>= 0.7.4, < 0.9)
    given_core (3.1.1)
      sorcerer (>= 0.3.7)
    hashie (2.0.5)
    highline (1.6.20)
    json (1.8.1)
    multipart-post (1.2.0)
    rash (0.4.0)
      hashie (~> 2.0.0)
    rspec (2.14.1)
      rspec-core (~> 2.14.0)
      rspec-expectations (~> 2.14.0)
      rspec-mocks (~> 2.14.0)
    rspec-core (2.14.5)
    rspec-expectations (2.14.3)
      diff-lcs (>= 1.1.3, < 2.0)
    rspec-given (3.1.1)
      given_core (= 3.1.1)
      rspec (>= 2.12)
    rspec-mocks (2.14.3)
    sorcerer (1.0.2)
    thor (0.18.1)
    trollop (2.0)
    whois (3.3.1)

PLATFORMS
  ruby

DEPENDENCIES
  binary_solo!
  digital_ocean!
  rspec (~> 2.14.1)
  rspec-given (~> 3.1.1)
